GEM
  remote: http://rubygems.org/
  specs:
    coffee-script (2.2.0)
      coffee-script-source
      execjs
    coffee-script-source (1.2.0)
    execjs (1.3.0)
      multi_json (~> 1.0)
    haml (3.1.4)
    json (1.6.5)
    multi_json (1.0.4)
    rake (0.9.2.2)
    rdiscount (1.6.8)
    sass (3.1.15)

PLATFORMS
  ruby

DEPENDENCIES
  coffee-script
  haml
  json
  rake
  rdiscount
  sass
