GEM
  remote: http://rubygems.org/
  specs:
    coffee-script (2.4.1)
      coffee-script-source
      execjs
    coffee-script-source (1.12.2)
    execjs (2.7.0)
    haml (4.0.7)
      tilt
    json (2.0.3)
    rake (12.0.0)
    rdiscount (2.2.0.1)
    sass (3.4.23)
    tilt (2.0.5)

PLATFORMS
  ruby

DEPENDENCIES
  coffee-script
  haml
  json
  rake
  rdiscount
  sass
